GEM
  remote: https://rubygems.org/
  specs:
    coderay (1.1.3)
    method_source (1.0.0)
    pry (0.14.1)
      coderay (~> 1.1)
      method_source (~> 1.0)
    ruby_parser (3.18.1)
      sexp_processor (~> 4.16)
    sexp_processor (4.16.0)

PLATFORMS
  x86_64-darwin-21

DEPENDENCIES
  pry (~> 0.14.1)
  ruby_parser (~> 3.18.1)

BUNDLED WITH
   2.2.22
